GEM
  remote: https://rubygems.org/
  specs:
    blankslate (3.1.2)
    builder (3.2.2)
    coderay (1.1.0)
    colored (1.2)
    cri (2.6.0)
      colored (~> 1.2)
    daemons (1.1.9)
    eventmachine (1.0.3)
    ffi (1.0.11)
    git (1.2.6)
    html-proofer (0.0.15)
    json (1.7.7)
    kramdown (0.13.8)
    mime-types (1.25.1)
    mini_portile (0.5.3)
    nanoc (3.4.3)
      cri (~> 2.2)
    nokogiri (1.6.1)
      mini_portile (~> 0.5.0)
    pygments.rb (0.2.3)
      rubypython (>= 0.5.1)
    rack (1.5.2)
    rack-protection (1.5.3)
      rack
    rake (10.2.2)
    rubypython (0.5.1)
      blankslate (>= 2.1.2.3)
      ffi (~> 1.0.7)
    shotgun (0.9)
      rack (>= 1.0)
    sinatra (1.4.2)
      rack (~> 1.5, >= 1.5.2)
      rack-protection (~> 1.4)
      tilt (~> 1.3, >= 1.3.4)
    thin (1.6.2)
      daemons (>= 1.0.9)
      eventmachine (>= 1.0.0)
      rack (>= 1.0.0)
    tilt (1.4.1)
    yajl-ruby (0.8.3)

PLATFORMS
  ruby

DEPENDENCIES
  builder
  coderay
  git (~> 1.2.6)
  html-proofer
  json (~> 1.7.7)
  kramdown (~> 0.13.2)
  mime-types (~> 1.16)
  nanoc (~> 3.4.3)
  nokogiri (~> 1.6.0)
  pygments.rb
  rake
  rubypython (= 0.5.1)
  shotgun (= 0.9)
  sinatra (= 1.4.2)
  thin
  yajl-ruby (~> 0.8.2)
